PATH
  remote: .
  specs:
    susy (2.2.11)
      sass (>= 3.3.0, < 3.5)

GEM
  remote: http://rubygems.org/
  specs:
    sass (3.4.20)

PLATFORMS
  ruby

DEPENDENCIES
  susy!

BUNDLED WITH
   1.10.6
